GEM
  remote: http://rubygems.org/
  specs:
    msworddoc-extractor (0.1.0)
      ruby-ole
    ruby-ole (1.2.11.6)

PLATFORMS
  ruby

DEPENDENCIES
  msworddoc-extractor
